GEM
  remote: https://rubygems.org/
  specs:
    dotenv (3.1.8)
    hexdump (1.0.1)

PLATFORMS
  arm64-darwin-24

DEPENDENCIES
  dotenv
  hexdump (~> 1.0)

BUNDLED WITH
   2.6.9
